GEM
  remote: http://rubygems.org/
  specs:
    rack (3.0.4.1)
    roda (3.1.0)
      rack

PLATFORMS
  ruby

DEPENDENCIES
  roda

BUNDLED WITH
   1.15.4
